GEM
  remote: https://rubygems.org/
  specs:
    event_emitter (0.2.5)
    eventmachine (1.2.0.1)
    foreman (0.82.0)
      thor (~> 0.19.1)
    hashie (3.4.6)
    httparty (0.14.0)
      multi_xml (>= 0.5.2)
    json (2.0.2)
    linda-socket.io-client (0.0.4)
      event_emitter
      hashie
      json
      socket.io-client-simple (>= 0.0.5)
    mini_portile2 (2.1.0)
    multi_xml (0.5.5)
    nokogiri (1.6.8)
      mini_portile2 (~> 2.1.0)
      pkg-config (~> 1.1.7)
    pkg-config (1.1.7)
    socket.io-client-simple (1.2.1)
      event_emitter
      httparty
      json
      websocket-client-simple (~> 0.3.0)
    thor (0.19.1)
    websocket (1.2.3)
    websocket-client-simple (0.3.0)
      event_emitter
      websocket

PLATFORMS
  ruby

DEPENDENCIES
  eventmachine
  foreman
  linda-socket.io-client
  nokogiri

BUNDLED WITH
   1.13.1
